PATH
  remote: .
  specs:
    minitest-verify (0.1.0)

GEM
  remote: https://rubygems.org/
  specs:
    rake (13.2.0)

PLATFORMS
  arm64-darwin-23
  ruby

DEPENDENCIES
  minitest-verify!
  rake (~> 13.0)

BUNDLED WITH
   2.5.7
